GEM
  remote: https://rubygems.org/
  specs:
    coderay (1.1.1)
    cuba (3.8.0)
      rack (>= 1.6.0)
    cuba-contrib (3.1.0)
      cuba (~> 3.1)
    method_source (0.8.2)
    mote (1.1.4)
    pg (0.19.0)
    pry (0.10.4)
      coderay (~> 1.1.0)
      method_source (~> 0.8.1)
      slop (~> 3.4)
    puma (3.6.0)
    rack (2.0.1)
    shotgun (0.9.2)
      rack (>= 1.0)
    slop (3.6.0)

PLATFORMS
  ruby

DEPENDENCIES
  cuba
  cuba-contrib
  mote
  pg
  pry
  puma
  shotgun

BUNDLED WITH
   1.13.6
