GEM
  remote: https://rubygems.org/
  specs:
    coderay (1.1.1)
    configliere (0.4.22)
      highline (= 1.5.2)
      multi_json (~> 1.10.1)
    cuba (3.8.0)
      rack (>= 1.6.0)
    cuba-contrib (3.1.0)
      cuba (~> 3.1)
    highline (1.5.2)
    method_source (0.8.2)
    mote (1.1.4)
    multi_json (1.10.1)
    pg (0.19.0)
    pry (0.10.4)
      coderay (~> 1.1.0)
      method_source (~> 0.8.1)
      slop (~> 3.4)
    pry-nav (0.2.4)
      pry (>= 0.9.10, < 0.11.0)
    puma (3.6.0)
    rack (2.0.1)
    rake (11.3.0)
    sequel (4.40.0)
    shotgun (0.9.2)
      rack (>= 1.0)
    slop (3.6.0)

PLATFORMS
  ruby

DEPENDENCIES
  configliere
  cuba
  cuba-contrib
  mote
  pg
  pry
  pry-nav
  puma
  rake
  sequel
  shotgun

BUNDLED WITH
   1.13.6
